PATH
  remote: .
  specs:
    sransonette_cli_project (0.1.0)

GEM
  remote: https://rubygems.org/
  specs:
    coderay (1.1.3)
    httparty (0.18.1)
      mime-types (~> 3.0)
      multi_xml (>= 0.5.2)
    method_source (1.0.0)
    mime-types (3.3.1)
      mime-types-data (~> 3.2015)
    mime-types-data (3.2020.0512)
    multi_xml (0.6.0)
    poke-api-v2 (0.1.0)
    pry (0.13.1)
      coderay (~> 1.1)
      method_source (~> 1.0)
    rake (12.3.3)

PLATFORMS
  ruby

DEPENDENCIES
  httparty
  poke-api-v2
  pry
  rake (~> 12.0)
  sransonette_cli_project!

BUNDLED WITH
   2.0.1
